GEM
  remote: https://www.rubygems.org/
  specs:
    cgi (0.3.3)
    fdk (0.0.38)
      json (~> 2.5, >= 2.5.1)
      webrick (~> 1.7, >= 1.7.0)
    inifile (3.0.0)
    json (2.6.2)
    jwt (2.5.0)
    mime-types (3.4.1)
      mime-types-data (~> 3.2015)
    mime-types-data (3.2022.0105)
    oci (2.18.0)
      inifile (~> 3.0, >= 3.0.0)
      json (>= 1.4.6, < 3.0.0)
      jwt (~> 2.1)
    webrick (1.7.0)

PLATFORMS
  ruby

DEPENDENCIES
  cgi!
  fdk (>= 0.0.36)!
  mime-types!
  oci!

BUNDLED WITH
   2.1.4
